NUGET
  remote: http://nuget.org/api/v2
  specs:
    bootstrap (3.1.1)
      jQuery (>= 1.9.0)
    CsQuery (1.3.4)
    FsCheck (0.9.4.0)
    FsCheck.Xunit (0.4.1.0)
      FsCheck (>= 0)
      xunit (>= 1.9.2, <  3.0)
    FSharp.Compiler.Service (0.0.62)
    jQuery (2.1.1)
    Knockout.Mapping (2.4.0)
      knockoutjs (>= 2.0.0)
    knockoutjs (3.1.0)
    log4net (2.0.3)
    Machine.Specifications (0.8.3)
    Machine.Specifications.Should (0.7.2)
      Machine.Specifications (>= 0.7, <  1.0)
    Microsoft.AspNet.Razor (2.0.20715.0)
    Microsoft.CompilerServices.AsyncTargetingPack (1.0.1)
    Microsoft.Web.Administration (7.0.0.0)
    Microsoft.Web.Xdt (2.1.1)
    Mono.Cecil (0.9.5.4)
    Nancy (0.22.2)
    Nancy.Authentication.Forms (0.22.2)
      Nancy (>= 0.22.2)
    Nancy.Authentication.Stateless (0.22.2)
      Nancy (>= 0.22.2)
    Nancy.Hosting.Aspnet (0.22.2)
      Nancy (>= 0.22.2)
    Nancy.Hosting.Self (0.22.2)
      Nancy (>= 0.22.2)
    Nancy.Serialization.JsonNet (0.22.2)
      Nancy (>= 0.22.2)
      Newtonsoft.Json (>= 0)
    Nancy.Testing (0.22.2)
      Nancy (>= 0.22.2)
      CsQuery (>= 1.3.3)
    Nancy.Viewengines.Razor (0.22.2)
      Nancy (>= 0.22.2)
      System.Web.Razor.Unofficial (>= 0)
    Newtonsoft.Json (6.0.4)
    Nuget.Core (2.8.2)
      Microsoft.Web.Xdt (>= 2.1.0)
    RavenDB.Client (2.5.2916)
      Microsoft.CompilerServices.AsyncTargetingPack (>= 0)
    RavenDB.Server (2.5.2879)
    SSH.NET (2013.4.7)
    System.Web.Razor.Unofficial (2.0.2)
    toastr (2.0.3)
      jQuery (>= 1.6.3)
    UnionArgParser (0.8.0)
    xunit (1.9.2)
    xunit.extensions (1.9.2)
      xunit (1.9.2)
    xunit.runners (1.9.2)
